GEM
  remote: https://rubygems.org/
  specs:
    minitest (5.14.1)

PLATFORMS
  ruby

DEPENDENCIES
  minitest (~> 5.14)

BUNDLED WITH
   1.17.2
